GEM
  remote: https://rubygems.org/
  specs:
    closure-compiler (1.1.12)
    coffee-script (2.4.1)
      coffee-script-source
      execjs
    coffee-script-source (1.10.0)
    daemons (1.2.4)
    dalli (2.7.6)
    eco (1.0.0)
      coffee-script
      eco-source
      execjs
    eco-source (1.1.0.rc.1)
    erubis (2.7.0)
    eventmachine (1.2.0.1)
    execjs (2.7.0)
    hike (1.2.3)
    json (1.8.3)
    memcachier (0.0.2)
    multi_json (1.12.1)
    rack (1.6.5)
    rack-protection (1.5.3)
      rack
    sinatra (1.4.7)
      rack (~> 1.5)
      rack-protection (~> 1.4)
      tilt (>= 1.3, < 3)
    sprockets (2.9.4)
      hike (~> 1.2)
      multi_json (~> 1.0)
      rack (~> 1.0)
      tilt (~> 1.1, != 1.3.0)
    sprockets-commonjs (0.0.6)
      sprockets (~> 2.9.2)
    stylus (1.0.2)
      execjs
      stylus-source
    stylus-source (0.31.0)
    thin (1.7.0)
      daemons (~> 1.0, >= 1.0.9)
      eventmachine (~> 1.0, >= 1.0.4)
      rack (>= 1, < 3)
    tilt (1.4.1)
    uglifier (3.0.3)
      execjs (>= 0.3.0, < 3)
    yui-compressor (0.12.0)

PLATFORMS
  ruby

DEPENDENCIES
  closure-compiler
  coffee-script
  dalli
  eco
  erubis
  json (~> 1.8.3)
  memcachier
  sinatra
  sprockets
  sprockets-commonjs (= 0.0.6)
  stylus
  stylus-source (= 0.31.0)
  thin
  uglifier
  yui-compressor

RUBY VERSION
   ruby 2.3.1p112

BUNDLED WITH
   1.13.6
